PATH
  remote: .
  specs:
    rwhich (0.0.1)

GEM
  specs:
    minitest (2.8.1)
    rake (0.9.2.2)

PLATFORMS
  ruby

DEPENDENCIES
  bundler (~> 1.1.rc)
  minitest
  rake
  rwhich!
