PATH
  remote: .
  specs:
    rwhich (0.0.1)

GEM
  specs:
    minitest (5.7.0)
    rake (10.4.2)

PLATFORMS
  ruby

DEPENDENCIES
  bundler (~> 1.7)
  minitest (~> 5.7)
  rake (~> 10)
  rwhich!
